GEM
  remote: https://rubygems.org/
  specs:
    addressable (2.8.7)
      public_suffix (>= 2.0.2, < 7.0)
    backports (3.25.0)
    bigdecimal (3.1.8)
    colorator (1.1.0)
    concurrent-ruby (1.3.4)
    em-websocket (0.5.3)
      eventmachine (>= 0.12.9)
      http_parser.rb (~> 0)
    eventmachine (1.2.7)
    execjs (2.10.0)
    fastimage (1.8.1)
      addressable (~> 2.3, >= 2.3.5)
    ffi (1.17.0)
    ffi (1.17.0-aarch64-linux-gnu)
    ffi (1.17.0-aarch64-linux-musl)
    ffi (1.17.0-arm-linux-gnu)
    ffi (1.17.0-arm-linux-musl)
    ffi (1.17.0-arm64-darwin)
    ffi (1.17.0-x86-linux-gnu)
    ffi (1.17.0-x86-linux-musl)
    ffi (1.17.0-x86_64-darwin)
    ffi (1.17.0-x86_64-linux-gnu)
    ffi (1.17.0-x86_64-linux-musl)
    forwardable-extended (2.6.0)
    google-protobuf (4.28.3)
      bigdecimal
      rake (>= 13)
    google-protobuf (4.28.3-aarch64-linux)
      bigdecimal
      rake (>= 13)
    google-protobuf (4.28.3-arm64-darwin)
      bigdecimal
      rake (>= 13)
    google-protobuf (4.28.3-x86-linux)
      bigdecimal
      rake (>= 13)
    google-protobuf (4.28.3-x86_64-darwin)
      bigdecimal
      rake (>= 13)
    google-protobuf (4.28.3-x86_64-linux)
      bigdecimal
      rake (>= 13)
    hike (1.2.3)
    htmlcompressor (0.4.0)
    http_parser.rb (0.8.0)
    i18n (1.14.6)
      concurrent-ruby (~> 1.0)
    jekyll (4.3.4)
      addressable (~> 2.4)
      colorator (~> 1.0)
      em-websocket (~> 0.5)
      i18n (~> 1.0)
      jekyll-sass-converter (>= 2.0, < 4.0)
      jekyll-watch (~> 2.0)
      kramdown (~> 2.3, >= 2.3.1)
      kramdown-parser-gfm (~> 1.0)
      liquid (~> 4.0)
      mercenary (>= 0.3.6, < 0.5)
      pathutil (~> 0.9)
      rouge (>= 3.0, < 5.0)
      safe_yaml (~> 1.0)
      terminal-table (>= 1.8, < 4.0)
      webrick (~> 1.7)
    jekyll-admin (0.11.1)
      jekyll (>= 3.7, < 5.0)
      sinatra (>= 1.4)
      sinatra-contrib (>= 1.4)
    jekyll-assets (1.0.0)
      fastimage (~> 1.6)
      jekyll (>= 2)
      mini_magick (~> 4.1)
      sass (~> 3.2)
      sprockets (~> 2.10)
      sprockets-helpers
      sprockets-sass
    jekyll-sass-converter (3.0.0)
      sass-embedded (~> 1.54)
    jekyll-watch (2.2.1)
      listen (~> 3.0)
    kramdown (2.4.0)
      rexml
    kramdown-parser-gfm (1.1.0)
      kramdown (~> 2.0)
    liquid (4.0.4)
    listen (3.9.0)
      rb-fsevent (~> 0.10, >= 0.10.3)
      rb-inotify (~> 0.9, >= 0.9.10)
    mercenary (0.4.0)
    mini_magick (4.13.2)
    multi_json (1.15.0)
    ostruct (0.6.1)
    pathutil (0.16.2)
      forwardable-extended (~> 2.6)
    public_suffix (6.0.1)
    rack (1.6.13)
    rack-protection (1.5.5)
      rack
    rack-test (2.1.0)
      rack (>= 1.3)
    rake (13.2.1)
    rb-fsevent (0.11.2)
    rb-inotify (0.11.1)
      ffi (~> 1.0)
    rexml (3.3.9)
    rouge (4.5.1)
    safe_yaml (1.0.5)
    sass (3.7.4)
      sass-listen (~> 4.0.0)
    sass-embedded (1.80.6)
      google-protobuf (~> 4.28)
      rake (>= 13)
    sass-embedded (1.80.6-aarch64-linux-android)
      google-protobuf (~> 4.28)
    sass-embedded (1.80.6-aarch64-linux-gnu)
      google-protobuf (~> 4.28)
    sass-embedded (1.80.6-aarch64-linux-musl)
      google-protobuf (~> 4.28)
    sass-embedded (1.80.6-aarch64-mingw-ucrt)
      google-protobuf (~> 4.28)
    sass-embedded (1.80.6-arm-linux-androideabi)
      google-protobuf (~> 4.28)
    sass-embedded (1.80.6-arm-linux-gnueabihf)
      google-protobuf (~> 4.28)
    sass-embedded (1.80.6-arm-linux-musleabihf)
      google-protobuf (~> 4.28)
    sass-embedded (1.80.6-arm64-darwin)
      google-protobuf (~> 4.28)
    sass-embedded (1.80.6-riscv64-linux-android)
      google-protobuf (~> 4.28)
    sass-embedded (1.80.6-riscv64-linux-gnu)
      google-protobuf (~> 4.28)
    sass-embedded (1.80.6-riscv64-linux-musl)
      google-protobuf (~> 4.28)
    sass-embedded (1.80.6-x86-cygwin)
      google-protobuf (~> 4.28)
    sass-embedded (1.80.6-x86-linux-android)
      google-protobuf (~> 4.28)
    sass-embedded (1.80.6-x86-linux-gnu)
      google-protobuf (~> 4.28)
    sass-embedded (1.80.6-x86-linux-musl)
      google-protobuf (~> 4.28)
    sass-embedded (1.80.6-x86-mingw-ucrt)
      google-protobuf (~> 4.28)
    sass-embedded (1.80.6-x86_64-cygwin)
      google-protobuf (~> 4.28)
    sass-embedded (1.80.6-x86_64-darwin)
      google-protobuf (~> 4.28)
    sass-embedded (1.80.6-x86_64-linux-android)
      google-protobuf (~> 4.28)
    sass-embedded (1.80.6-x86_64-linux-gnu)
      google-protobuf (~> 4.28)
    sass-embedded (1.80.6-x86_64-linux-musl)
      google-protobuf (~> 4.28)
    sass-listen (4.0.0)
      rb-fsevent (~> 0.9, >= 0.9.4)
      rb-inotify (~> 0.9, >= 0.9.7)
    sinatra (1.4.8)
      rack (~> 1.5)
      rack-protection (~> 1.4)
      tilt (>= 1.3, < 3)
    sinatra-contrib (1.4.7)
      backports (>= 2.0)
      multi_json
      rack-protection
      rack-test
      sinatra (~> 1.4.0)
      tilt (>= 1.3, < 3)
    sprockets (2.12.5)
      hike (~> 1.2)
      multi_json (~> 1.0)
      rack (~> 1.0)
      tilt (~> 1.1, != 1.3.0)
    sprockets-helpers (1.4.0)
      sprockets (>= 2.2)
    sprockets-sass (1.3.1)
      sprockets (~> 2.0)
      tilt (~> 1.1)
    terminal-table (3.0.2)
      unicode-display_width (>= 1.1.1, < 3)
    terser (1.2.4)
      execjs (>= 0.3.0, < 3)
    tilt (1.4.1)
    unicode-display_width (2.6.0)
    webrick (1.9.0)

PLATFORMS
  aarch64-linux
  aarch64-linux-android
  aarch64-linux-gnu
  aarch64-linux-musl
  aarch64-mingw-ucrt
  arm-linux-androideabi
  arm-linux-gnu
  arm-linux-gnueabihf
  arm-linux-musl
  arm-linux-musleabihf
  arm64-darwin
  riscv64-linux-android
  riscv64-linux-gnu
  riscv64-linux-musl
  ruby
  x86-cygwin
  x86-linux
  x86-linux-android
  x86-linux-gnu
  x86-linux-musl
  x86-mingw-ucrt
  x86_64-cygwin
  x86_64-darwin
  x86_64-linux
  x86_64-linux-android
  x86_64-linux-gnu
  x86_64-linux-musl

DEPENDENCIES
  htmlcompressor
  jekyll (~> 4.3.4)
  jekyll-admin
  jekyll-assets
  ostruct
  rack
  terser
  webrick

BUNDLED WITH
   2.5.23
